GEM
  remote: https://rubygems.org/
  specs:
    betterlorem (0.1.2)
    dry-inflector (0.2.0)
    hanami-api (0.1.1)
      hanami-router (~> 2.0.alpha)
    hanami-router (2.0.0.alpha3)
      mustermann (~> 1.0)
      mustermann-contrib (~> 1.0)
      rack (~> 2.0)
    hansi (0.2.0)
    hashie (4.1.0)
    inflecto (0.0.2)
    json (2.3.0)
    mustermann (1.1.1)
      ruby2_keywords (~> 0.0.1)
    mustermann-contrib (1.1.1)
      hansi (~> 0.2.0)
      mustermann (= 1.1.1)
    nio4r (2.5.8)
    oj (3.10.6)
    puma (4.3.9)
      nio4r (~> 2.0)
    rack (2.2.2)
    redis (3.3.5)
    redis_rejson_models (0.9.5)
      dry-inflector (~> 0.2.0)
      redis (~> 3.3.0)
      rejson-rb (~> 1.0.0)
      shallow_attributes (~> 0.9.5)
    rejson-rb (1.0.0)
      json (~> 2.0)
      redis (~> 3.0)
    ruby2_keywords (0.0.2)
    shallow_attributes (0.9.5)

PLATFORMS
  ruby

DEPENDENCIES
  betterlorem
  hanami-api (~> 0.1.1)
  hashie
  inflecto
  oj
  puma
  rack
  redis
  redis_rejson_models (~> 0.9.5)

BUNDLED WITH
   2.1.4
